GEM
  remote: http://rubygems.org/
  specs:
    erubis (2.7.0)
    haml (3.1.2)
    nokogiri (1.5.0)
    rack (1.3.0)
    rmagick (2.13.1)
    sass (3.1.4)
    sinatra (1.2.6)
      rack (~> 1.1)
      tilt (>= 1.2.2, < 2.0)
    tilt (1.3.2)

PLATFORMS
  ruby

DEPENDENCIES
  erubis
  haml
  nokogiri
  rmagick
  sass
  sinatra
