GEM
  remote: http://rubygems.org/
  specs:
    activesupport (3.0.9)
    erubis (2.7.0)
    haml (3.1.2)
    i18n (0.6.0)
    nokogiri (1.5.0)
    rack (1.3.2)
    rmagick (2.13.1)
    sass (3.1.5)
    sinatra (1.2.6)
      rack (~> 1.1)
      tilt (< 2.0, >= 1.2.2)
    tilt (1.3.2)

PLATFORMS
  ruby

DEPENDENCIES
  activesupport (~> 3.0)
  erubis
  haml
  i18n
  nokogiri
  rmagick
  sass
  sinatra
